GEM
  remote: https://rubygems.org/
  specs:
    axiom-types (0.1.1)
      descendants_tracker (~> 0.0.4)
      ice_nine (~> 0.11.0)
      thread_safe (~> 0.3, >= 0.3.1)
    coderay (1.1.3)
    coercible (1.0.0)
      descendants_tracker (~> 0.0.1)
    dad_jokes (0.1.1)
      faraday
      faraday_middleware
      json
      pry
    descendants_tracker (0.0.4)
      thread_safe (~> 0.3, >= 0.3.1)
    dotenv (2.7.6)
    equalizer (0.0.11)
    faraday (1.0.1)
      multipart-post (>= 1.2, < 3)
    faraday_middleware (1.0.0)
      faraday (~> 1.0)
    ice_nine (0.11.2)
    inflecto (0.0.2)
    json (1.8.6)
    method_source (1.0.0)
    multipart-post (2.1.1)
    pry (0.13.1)
      coderay (~> 1.1)
      method_source (~> 1.0)
    telegram-bot-ruby (0.12.0)
      faraday
      inflecto
      virtus
    thread_safe (0.3.6)
    virtus (1.0.5)
      axiom-types (~> 0.1)
      coercible (~> 1.0)
      descendants_tracker (~> 0.0, >= 0.0.3)
      equalizer (~> 0.0, >= 0.0.9)

PLATFORMS
  ruby
  x64-mingw32

DEPENDENCIES
  dad_jokes
  dotenv
  telegram-bot-ruby

BUNDLED WITH
   2.1.4
